PATH
  remote: .
  specs:
    forme-bs4 (0.1.0)

GEM
  remote: https://rubygems.org/
  specs:
    docile (1.3.2)
    minitest (5.14.0)
    rake (12.3.3)
    simplecov (0.18.5)
      docile (~> 1.1)
      simplecov-html (~> 0.11)
    simplecov-html (0.12.2)

PLATFORMS
  ruby

DEPENDENCIES
  forme-bs4!
  minitest (~> 5.14)
  rake (~> 12.0)
  simplecov

BUNDLED WITH
   2.1.4
